GEM
  remote: https://rubygems.org/
  specs:
    pg (0.18.4)
    rake (11.1.2)
    sequel (3.40.0)

PLATFORMS
  ruby

DEPENDENCIES
  pg
  rake
  sequel (= 3.40.0)

BUNDLED WITH
   1.11.2
