GEM
  remote: https://rubygems.org/
  specs:
    pg (1.4.3)
    rake (11.1.2)
    sequel (3.48.0)

PLATFORMS
  ruby

DEPENDENCIES
  pg (= 1.4.3)
  rake
  sequel (= 3.48.0)

BUNDLED WITH
   1.17.2
