GEM
  remote: https://rubygems.org/
  specs:
    pg (1.4.3)
    rake (12.3.3)
    sequel (3.48.0)

PLATFORMS
  ruby

DEPENDENCIES
  pg (= 1.4.3)
  rake (~> 12.3.3)
  sequel (= 3.48.0)

BUNDLED WITH
   1.17.2
